GEM
  remote: https://rubygems.org/
  specs:
    byebug (11.0.0)
    diff-lcs (1.3)
    gc_tracer (1.5.1)
    memory_profiler (0.9.12)
    rspec (3.8.0)
      rspec-core (~> 3.8.0)
      rspec-expectations (~> 3.8.0)
      rspec-mocks (~> 3.8.0)
    rspec-core (3.8.0)
      rspec-support (~> 3.8.0)
    rspec-expectations (3.8.2)
      diff-lcs (>= 1.2.0, < 2.0)
      rspec-support (~> 3.8.0)
    rspec-mocks (3.8.0)
      diff-lcs (>= 1.2.0, < 2.0)
      rspec-support (~> 3.8.0)
    rspec-support (3.8.0)

PLATFORMS
  ruby

DEPENDENCIES
  byebug
  gc_tracer
  memory_profiler
  rspec

BUNDLED WITH
   2.0.1
